GEM
  remote: https://rubygems.org/
  specs:
    coderay (1.1.0)
    method_source (0.8.2)
    obd (0.0.3)
      serialport (~> 1.3)
    pry (0.9.12.6)
      coderay (~> 1.0)
      method_source (~> 0.8)
      slop (~> 3.4)
    serialport (1.3.1)
    slop (3.4.7)
    text-table (1.2.3)

PLATFORMS
  ruby

DEPENDENCIES
  obd
  pry
  text-table

BUNDLED WITH
   1.10.6
